PATH
  remote: .
  specs:
    Warframe_relics (0.1.0)

GEM
  remote: https://rubygems.org/
  specs:
    mini_portile2 (2.4.0)
    nokogiri (1.10.10)
      mini_portile2 (~> 2.4.0)
    rake (12.3.2)

PLATFORMS
  ruby

DEPENDENCIES
  Warframe_relics!
  nokogiri
  rake (~> 12.0)

BUNDLED WITH
   2.1.4
